GEM
  remote: https://rubygems.org/
  specs:
    axiom-types (0.1.1)
      descendants_tracker (~> 0.0.4)
      ice_nine (~> 0.11.0)
      thread_safe (~> 0.3, >= 0.3.1)
    builder (3.2.2)
    coercible (1.0.0)
      descendants_tracker (~> 0.0.1)
    cucumber (2.0.2)
      builder (>= 2.1.2)
      cucumber-core (~> 1.2.0)
      diff-lcs (>= 1.1.3)
      gherkin (~> 2.12)
      multi_json (>= 1.7.5, < 2.0)
      multi_test (>= 0.1.2)
    cucumber-core (1.2.0)
      gherkin (~> 2.12.0)
    cucumber-jvm (1.2.4-java)
    descendants_tracker (0.0.4)
      thread_safe (~> 0.3, >= 0.3.1)
    diff-lcs (1.2.5)
    equalizer (0.0.9)
    ffi (1.9.3-java)
    gherkin (2.12.2-java)
      multi_json (~> 1.3)
    ice_nine (0.11.1)
    jar-dependencies (0.1.2)
    jruby-launcher (1.1.1-java)
    jruby-openssl (0.9.5-java)
    json (1.8.0-java)
    krypt (0.0.2)
      ffi
      krypt-core (= 0.0.2)
    krypt-core (0.0.2-java)
      krypt-provider-jdk (= 0.0.2)
    krypt-provider-jdk (0.0.2)
    maven-tools (1.0.7)
      virtus (~> 1.0)
    multi_json (1.11.2)
    multi_test (0.1.2)
    rake (10.1.0)
    rdoc (4.1.2)
      json (~> 1.4)
    ruby-maven (3.1.1.0.8)
      maven-tools (~> 1.0.1)
      ruby-maven-libs (= 3.1.1)
    ruby-maven-libs (3.1.1)
    sikuli (0.2.4)
    sikulix (1.1.0.3)
    thread_safe (0.3.4-java)
    virtus (1.0.3)
      axiom-types (~> 0.1)
      coercible (~> 1.0)
      descendants_tracker (~> 0.0, >= 0.0.3)
      equalizer (~> 0.0, >= 0.0.9)

PLATFORMS
  java

DEPENDENCIES
  axiom-types (= 0.1.1)
  builder (= 3.2.2)
  bundler (= 1.10.6)
  coercible (= 1.0.0)
  cucumber (= 2.0.2)
  cucumber-core (= 1.2.0)
  cucumber-jvm (= 1.2.4)
  descendants_tracker (= 0.0.4)
  diff-lcs (= 1.2.5)
  equalizer (= 0.0.9)
  ffi (= 1.9.3)
  gherkin (= 2.12.2)
  ice_nine (= 0.11.1)
  jar-dependencies (= 0.1.2)
  jruby-launcher (= 1.1.1)
  jruby-openssl (= 0.9.5)
  json (= 1.8.0)
  krypt (= 0.0.2)
  krypt-core (= 0.0.2)
  krypt-provider-jdk (= 0.0.2)
  maven-tools (= 1.0.7)
  multi_json (= 1.11.2)
  multi_test (= 0.1.2)
  rake (= 10.1.0)
  rdoc (= 4.1.2)
  ruby-maven (= 3.1.1.0.8)
  ruby-maven-libs (= 3.1.1)
  sikuli (= 0.2.4)
  sikulix (= 1.1.0.3)
  thread_safe (= 0.3.4)
  virtus (= 1.0.3)

BUNDLED WITH
   1.10.6
